GEM
  remote: https://rubygems.org/
  specs:
    clipboard (1.3.5)
    fastri (0.3.1.1)
    ffi (1.15.0-x64-mingw32)
    listen (3.5.1)
      rb-fsevent (~> 0.10, >= 0.10.3)
      rb-inotify (~> 0.9, >= 0.9.10)
    ocra (1.3.11)
    rake (12.3.3)
    rb-fsevent (0.10.4)
    rb-inotify (0.10.1)
      ffi (~> 1.0)
    rcodetools (0.8.5.0)
    rerun (0.13.1)
      listen (~> 3.0)

PLATFORMS
  x64-mingw32

DEPENDENCIES
  clipboard
  fastri
  ffi
  ocra
  rake
  rcodetools
  rerun

BUNDLED WITH
   2.1.4
